PATH
  remote: .
  specs:
    springboard-client (0.1.0)
      net-ssh (~> 5.2.0)

GEM
  remote: https://rubygems.org/
  specs:
    byebug (11.0.1)
    net-ssh (5.2.0)
    rake (10.5.0)

PLATFORMS
  ruby

DEPENDENCIES
  bundler (~> 2.0)
  byebug (~> 11.0)
  rake (~> 10.0)
  springboard-client!

BUNDLED WITH
   2.0.2
